GEM
  remote: https://rubygems.org/
  specs:
    addressable (2.3.5)
    faraday (0.8.8)
      multipart-post (~> 1.2.0)
    faraday_middleware (0.9.0)
      faraday (>= 0.7.4, < 0.9)
    multipart-post (1.2.0)
    mysql2 (0.3.14)

PLATFORMS
  ruby

DEPENDENCIES
  addressable
  faraday
  faraday_middleware
  mysql2
